GEM
  remote: https://rubygems.org/
  specs:
    backports (3.11.4)
    eventmachine (1.2.7)
    line-bot-api (1.5.1)
    mqtt (0.5.0)
    multi_json (1.13.1)
    mustermann (1.0.3)
    rack (2.0.6)
    rack-protection (2.0.5)
      rack
    sinatra (2.0.5)
      mustermann (~> 1.0)
      rack (~> 2.0)
      rack-protection (= 2.0.5)
      tilt (~> 2.0)
    sinatra-contrib (2.0.5)
      backports (>= 2.8.2)
      multi_json
      mustermann (~> 1.0)
      rack-protection (= 2.0.5)
      sinatra (= 2.0.5)
      tilt (>= 1.3, < 3)
    tilt (2.0.9)

PLATFORMS
  ruby

DEPENDENCIES
  eventmachine
  line-bot-api (>= 1.0.0)
  mqtt (>= 0.4.0)
  sinatra (>= 1.4.7)
  sinatra-contrib (>= 1.4.7)

BUNDLED WITH
   1.16.1
