GEM
  remote: https://rubygems.org/
  specs:
    eventmachine (1.2.7)
    line-bot-api (1.23.0)
    mqtt (0.5.0)
    multi_json (1.15.0)
    mustermann (1.1.1)
      ruby2_keywords (~> 0.0.1)
    rack (2.2.3)
    rack-protection (2.2.0)
      rack
    ruby2_keywords (0.0.5)
    sinatra (2.2.0)
      mustermann (~> 1.0)
      rack (~> 2.2)
      rack-protection (= 2.2.0)
      tilt (~> 2.0)
    sinatra-contrib (2.2.0)
      multi_json
      mustermann (~> 1.0)
      rack-protection (= 2.2.0)
      sinatra (= 2.2.0)
      tilt (~> 2.0)
    tilt (2.0.10)

PLATFORMS
  ruby

DEPENDENCIES
  eventmachine
  line-bot-api (>= 1.0.0)
  mqtt (>= 0.4.0)
  sinatra (>= 1.4.7)
  sinatra-contrib (>= 1.4.7)

BUNDLED WITH
   2.3.7
